PATH
  remote: .
  specs:
    xcmultilingual (0.2.3)
      thor

GEM
  remote: https://rubygems.org/
  specs:
    diff-lcs (1.2.5)
    rake (10.4.2)
    rspec (3.3.0)
      rspec-core (~> 3.3.0)
      rspec-expectations (~> 3.3.0)
      rspec-mocks (~> 3.3.0)
    rspec-core (3.3.1)
      rspec-support (~> 3.3.0)
    rspec-expectations (3.3.0)
      diff-lcs (>= 1.2.0, < 2.0)
      rspec-support (~> 3.3.0)
    rspec-mocks (3.3.1)
      diff-lcs (>= 1.2.0, < 2.0)
      rspec-support (~> 3.3.0)
    rspec-support (3.3.0)
    thor (0.19.1)

PLATFORMS
  ruby

DEPENDENCIES
  bundler (~> 1.10)
  rake (~> 10.0)
  rspec
  xcmultilingual!

BUNDLED WITH
   1.10.5
